GIT
  remote: git://github.com/sugilog/rack-lineprof.git
  revision: e7097fe8bb27aa14300b276b6cdd1f472262a994
  specs:
    rack-lineprof (0.0.3)
      json (~> 1.8.3)
      rack (~> 1.5)
      rblineprof (~> 0.3.6)
      term-ansicolor (~> 1.3)

GEM
  remote: https://rubygems.org/
  specs:
    debugger-ruby_core_source (1.3.8)
    foreman (0.78.0)
      thor (~> 0.19.1)
    git-version-bump (0.15.1)
    json (1.8.3)
    kgio (2.9.3)
    mysql2 (0.3.20)
    mysql2-cs-bind (0.0.6)
      mysql2
    rack (1.6.4)
    rack-contrib (1.4.0)
      git-version-bump (~> 0.15)
      rack (~> 1.4)
    rack-flash3 (1.0.5)
      rack
    rack-protection (1.5.3)
      rack
    raindrops (0.15.0)
    rblineprof (0.3.6)
      debugger-ruby_core_source (~> 1.3)
    ruby-prof (0.15.8)
    sinatra (1.4.6)
      rack (~> 1.4)
      rack-protection (~> 1.4)
      tilt (>= 1.3, < 3)
    term-ansicolor (1.3.2)
      tins (~> 1.0)
    thor (0.19.1)
    tilt (2.0.1)
    tins (1.6.0)
    unicorn (4.9.0)
      kgio (~> 2.6)
      rack
      raindrops (~> 0.7)

PLATFORMS
  ruby

DEPENDENCIES
  foreman
  mysql2-cs-bind
  rack-contrib
  rack-flash3
  rack-lineprof!
  ruby-prof
  sinatra
  unicorn
